GEM
  remote: http://rubygems.org/
  specs:
    beanstalk-client (1.1.0)
    json (1.4.6)
    rack (1.2.1)
    sinatra (1.0)
      rack (>= 1.0)

PLATFORMS
  ruby

DEPENDENCIES
  beanstalk-client
  json
  rack
  sinatra
